GIT
  remote: git://github.com/ahoward/mongoid-grid_fs.git
  revision: 9ab0ca49add11a276c87c3e5da15fb0e282fcff7
  specs:
    mongoid-grid_fs (2.1.0)
      mime-types (>= 1.0, < 3.0)
      mongoid (>= 3.0, < 5.0)

GIT
  remote: git://github.com/mongoid/mongoid.git
  revision: d90a94608ef7409d247ff4e3408f022f97caf8b1
  specs:
    mongoid (4.0.0)
      activemodel (~> 4.0)
      moped (~> 2.0.0)
      origin (~> 2.1)
      tzinfo (>= 0.3.37)

GEM
  remote: https://rubygems.org/
  specs:
    actionmailer (4.1.6)
      actionpack (= 4.1.6)
      actionview (= 4.1.6)
      mail (~> 2.5, >= 2.5.4)
    actionpack (4.1.6)
      actionview (= 4.1.6)
      activesupport (= 4.1.6)
      rack (~> 1.5.2)
      rack-test (~> 0.6.2)
    actionview (4.1.6)
      activesupport (= 4.1.6)
      builder (~> 3.1)
      erubis (~> 2.7.0)
    activemodel (4.1.6)
      activesupport (= 4.1.6)
      builder (~> 3.1)
    activerecord (4.1.6)
      activemodel (= 4.1.6)
      activesupport (= 4.1.6)
      arel (~> 5.0.0)
    activesupport (4.1.6)
      i18n (~> 0.6, >= 0.6.9)
      json (~> 1.7, >= 1.7.7)
      minitest (~> 5.1)
      thread_safe (~> 0.1)
      tzinfo (~> 1.1)
    arel (5.0.1.20140414130214)
    autoprefixer-rails (3.1.0.20140911)
      execjs
    bcrypt (3.1.7)
    bootstrap-sass (3.2.0.2)
      sass (~> 3.2)
    bson (2.3.0)
    bson_ext (1.5.1)
    builder (3.2.2)
    cancan (1.6.10)
    capistrano (3.2.1)
      i18n
      rake (>= 10.0.0)
      sshkit (~> 1.3)
    capistrano-bundler (1.1.3)
      capistrano (~> 3.1)
      sshkit (~> 1.2)
    capistrano-rails (1.1.2)
      capistrano (~> 3.1)
      capistrano-bundler (~> 1.1)
    capistrano-rbenv (2.0.2)
      capistrano (~> 3.1)
      sshkit (~> 1.3)
    carrierwave (0.10.0)
      activemodel (>= 3.2.0)
      activesupport (>= 3.2.0)
      json (>= 1.7)
      mime-types (>= 1.16)
    carrierwave-mongoid (0.7.1)
      carrierwave (>= 0.8.0, < 0.11.0)
      mongoid (>= 3.0, < 5.0)
      mongoid-grid_fs (>= 1.3, < 3.0)
    ckeditor (4.1.0)
      mime-types
      orm_adapter (~> 0.5.0)
    coffee-rails (4.0.1)
      coffee-script (>= 2.2.0)
      railties (>= 4.0.0, < 5.0)
    coffee-script (2.3.0)
      coffee-script-source
      execjs
    coffee-script-source (1.8.0)
    colorize (0.7.3)
    connection_pool (2.0.0)
    devise (3.3.0)
      bcrypt (~> 3.0)
      orm_adapter (~> 0.1)
      railties (>= 3.2.6, < 5)
      thread_safe (~> 0.1)
      warden (~> 1.2.3)
    erubis (2.7.0)
    execjs (2.2.1)
    faraday (0.9.0)
      multipart-post (>= 1.2, < 3)
    figaro (1.0.0)
      thor (~> 0.14)
    font-awesome-rails (4.2.0.0)
      railties (>= 3.2, < 5.0)
    geocoder (1.2.5)
    gmaps4rails (2.1.2)
    hashie (3.3.1)
    hike (1.2.3)
    i18n (0.6.11)
    jbuilder (2.1.3)
      activesupport (>= 3.0.0, < 5)
      multi_json (~> 1.2)
    jquery-rails (3.1.2)
      railties (>= 3.0, < 5.0)
      thor (>= 0.14, < 2.0)
    json (1.8.1)
    jwt (1.0.0)
    libv8 (3.16.14.7)
    mail (2.6.1)
      mime-types (>= 1.16, < 3)
    mime-types (2.3)
    mini_magick (3.8.1)
      subexec (~> 0.2.1)
    minitest (5.4.2)
    moped (2.0.0)
      bson (~> 2.2)
      connection_pool (~> 2.0)
      optionable (~> 0.2.0)
    multi_json (1.10.1)
    multi_xml (0.5.5)
    multipart-post (2.0.0)
    net-scp (1.2.1)
      net-ssh (>= 2.6.5)
    net-ssh (2.9.1)
    oauth (0.4.7)
    oauth2 (1.0.0)
      faraday (>= 0.8, < 0.10)
      jwt (~> 1.0)
      multi_json (~> 1.3)
      multi_xml (~> 0.5)
      rack (~> 1.2)
    omniauth (1.2.2)
      hashie (>= 1.2, < 4)
      rack (~> 1.0)
    omniauth-facebook (2.0.0)
      omniauth-oauth2 (~> 1.2)
    omniauth-oauth (1.0.1)
      oauth
      omniauth (~> 1.0)
    omniauth-oauth2 (1.2.0)
      faraday (>= 0.8, < 0.10)
      multi_json (~> 1.3)
      oauth2 (~> 1.0)
      omniauth (~> 1.2)
    omniauth-twitter (1.0.1)
      multi_json (~> 1.3)
      omniauth-oauth (~> 1.0)
    optionable (0.2.0)
    origin (2.1.1)
    orm_adapter (0.5.0)
    rack (1.5.2)
    rack-test (0.6.2)
      rack (>= 1.0)
    rails (4.1.6)
      actionmailer (= 4.1.6)
      actionpack (= 4.1.6)
      actionview (= 4.1.6)
      activemodel (= 4.1.6)
      activerecord (= 4.1.6)
      activesupport (= 4.1.6)
      bundler (>= 1.3.0, < 2.0)
      railties (= 4.1.6)
      sprockets-rails (~> 2.0)
    railties (4.1.6)
      actionpack (= 4.1.6)
      activesupport (= 4.1.6)
      rake (>= 0.8.7)
      thor (>= 0.18.1, < 2.0)
    rake (10.3.2)
    rdoc (4.1.2)
      json (~> 1.4)
    ref (1.0.5)
    rmagick (2.13.3)
    rolify (3.2.0)
    sass (3.2.19)
    sass-rails (4.0.3)
      railties (>= 4.0.0, < 5.0)
      sass (~> 3.2.0)
      sprockets (~> 2.8, <= 2.11.0)
      sprockets-rails (~> 2.0)
    sdoc (0.4.1)
      json (~> 1.7, >= 1.7.7)
      rdoc (~> 4.0)
    spring (1.1.3)
    sprockets (2.11.0)
      hike (~> 1.2)
      multi_json (~> 1.0)
      rack (~> 1.0)
      tilt (~> 1.1, != 1.3.0)
    sprockets-rails (2.1.4)
      actionpack (>= 3.0)
      activesupport (>= 3.0)
      sprockets (~> 2.8)
    sshkit (1.5.1)
      colorize
      net-scp (>= 1.1.2)
      net-ssh (>= 2.8.0)
    subexec (0.2.3)
    therubyracer (0.12.1)
      libv8 (~> 3.16.14.0)
      ref
    thor (0.19.1)
    thread_safe (0.3.4)
    tilt (1.4.1)
    turbolinks (2.3.0)
      coffee-rails
    tzinfo (1.2.2)
      thread_safe (~> 0.1)
    uglifier (2.5.3)
      execjs (>= 0.3.0)
      json (>= 1.8.0)
    warden (1.2.3)
      rack (>= 1.0)

PLATFORMS
  ruby

DEPENDENCIES
  autoprefixer-rails
  bcrypt (~> 3.1.7)
  bootstrap-sass
  bson_ext
  cancan
  capistrano-bundler
  capistrano-rails
  capistrano-rbenv (~> 2.0)
  carrierwave
  carrierwave-mongoid
  ckeditor
  coffee-rails (~> 4.0.0)
  devise
  figaro
  font-awesome-rails
  geocoder
  gmaps4rails
  jbuilder (~> 2.0)
  jquery-rails
  mini_magick
  mongoid!
  mongoid-grid_fs!
  omniauth
  omniauth-facebook
  omniauth-twitter
  rails (= 4.1.6)
  rmagick
  rolify (= 3.2.0)
  sass-rails (~> 4.0.3)
  sdoc (~> 0.4.0)
  spring
  therubyracer
  turbolinks
  uglifier (>= 1.3.0)
